PATH
  remote: .
  specs:
    ops_deploy (0.2.0)
      aws-sdk (~> 2.1)
      colorize (~> 0.7)
      httparty (~> 0.13)
      octokit (~> 4.3)
      pusher (~> 0.14)
      pusher-client (~> 0.6)
      slack-notifier (~> 1.2)

GEM
  remote: http://rubygems.org/
  specs:
    addressable (2.4.0)
    aws-sdk (2.1.4)
      aws-sdk-resources (= 2.1.4)
    aws-sdk-core (2.1.4)
      jmespath (~> 1.0)
    aws-sdk-resources (2.1.4)
      aws-sdk-core (= 2.1.4)
    colorize (0.7.7)
    faraday (0.9.2)
      multipart-post (>= 1.2, < 3)
    httparty (0.13.5)
      json (~> 1.8)
      multi_xml (>= 0.5.2)
    httpclient (2.6.0.1)
    jmespath (1.0.2)
      multi_json (~> 1.0)
    json (1.8.3)
    multi_json (1.11.2)
    multi_xml (0.5.5)
    multipart-post (2.0.0)
    octokit (4.3.0)
      sawyer (~> 0.7.0, >= 0.5.3)
    pusher (0.14.5)
      httpclient (~> 2.5)
      multi_json (~> 1.0)
      signature (~> 0.1.8)
    pusher-client (0.6.2)
      json
      websocket (~> 1.0)
    rake (10.4.2)
    sawyer (0.7.0)
      addressable (>= 2.3.5, < 2.5)
      faraday (~> 0.8, < 0.10)
    signature (0.1.8)
    slack-notifier (1.2.1)
    websocket (1.2.2)

PLATFORMS
  ruby

DEPENDENCIES
  aws-sdk (~> 2.1)
  colorize (~> 0.7)
  httparty (~> 0.13)
  octokit (~> 4.3)
  ops_deploy!
  pusher (~> 0.14)
  pusher-client (~> 0.6)
  rake
  slack-notifier (~> 1.2)

BUNDLED WITH
   1.12.5
